GEM
  remote: https://rubygems.org/
  specs:
    cnpj_utils (1.2.0)
    cpf_utils (1.3.1)
    documentos_br (1.1.0)
      cnpj_utils (~> 1.2.0)
      cpf_utils (~> 1.3.0)
      titulo_eleitor_utils (~> 1.1.0)
    lerolero_generator (1.0.1)
    titulo_eleitor_utils (1.1.0)

PLATFORMS
  x86_64-linux

DEPENDENCIES
  documentos_br
  lerolero_generator

BUNDLED WITH
   2.4.13
